GEM
  remote: https://rubygems.org/
  specs:
    aescrypt (1.0.0)
    ast (2.4.0)
    builder (3.2.3)
    coderay (1.1.2)
    concurrent-ruby (1.1.5)
    diff-lcs (1.3)
    domain_name (0.5.20190701)
      unf (>= 0.0.5, < 1.0.0)
    facter (2.5.1)
    fast_gettext (1.1.2)
    ffi (1.11.1-java)
    fishwife (1.10.1-java)
      rack (>= 1.6.4, < 2.1)
      rjack-jetty (>= 9.2.11, < 9.5)
      rjack-slf4j (~> 1.7.2)
    formatador (0.2.5)
    guard (2.15.0)
      formatador (>= 0.2.4)
      listen (>= 2.7, < 4.0)
      lumberjack (>= 1.0.12, < 2.0)
      nenv (~> 0.1)
      notiffany (~> 0.0)
      pry (>= 0.9.12)
      shellany (~> 0.0)
      thor (>= 0.18.1)
    guard-compat (1.2.1)
    guard-shell (0.7.1)
      guard (>= 2.0.0)
      guard-compat (~> 1.0)
    hashie (3.5.7)
    hiera (3.5.0)
    http-cookie (1.0.3)
      domain_name (~> 0.5)
    i18n (1.6.0)
      concurrent-ruby (~> 1.0)
    ipaddress (0.8.3)
    jar-dependencies (0.4.0)
    jaro_winkler (1.5.3-java)
    jdbc-postgres (42.1.4)
    jruby-openssl (0.9.21-java)
    json (2.2.0-java)
    json_pure (2.0.1)
    kramdown (2.1.0)
    listen (3.1.5)
      rb-fsevent (~> 0.9, >= 0.9.4)
      rb-inotify (~> 0.9, >= 0.9.7)
      ruby_dep (~> 1.2)
    locale (2.1.2)
    logger-colors (1.0.0)
    lumberjack (1.0.13)
    metaclass (0.0.4)
    method_source (0.9.2)
    mime-types (3.2.2)
      mime-types-data (~> 3.2015)
    mime-types-data (3.2019.0331)
    mocha (1.9.0)
      metaclass (~> 0.0.1)
    multi_json (1.13.1)
    nenv (0.3.0)
    net-scp (2.0.0)
      net-ssh (>= 2.6.5, < 6.0.0)
    net-ssh (5.2.0)
    netrc (0.11.0)
    nokogiri (1.10.3-java)
    notiffany (0.1.1)
      nenv (~> 0.1)
      shellany (~> 0.0)
    optimist (3.0.0)
    parallel (1.17.0)
    parser (2.6.3.0)
      ast (~> 2.4.0)
    powerpack (0.1.2)
    pry (0.12.2-java)
      coderay (~> 1.1.0)
      method_source (~> 0.9.0)
      spoon (~> 0.0)
    psych (3.1.0-java)
      jar-dependencies (>= 0.1.7)
    puppet (5.5.14)
      facter (> 2.0.1, < 4)
      fast_gettext (~> 1.1.2)
      hiera (>= 3.2.1, < 4)
      locale (~> 2.1)
      multi_json (~> 1.10)
    puppetlabs_spec_helper (0.4.1)
      mocha (>= 0.10.5)
      rake
      rspec (>= 2.9.0)
      rspec-puppet (>= 0.1.1)
    rack (1.6.11)
    rack-protection (1.5.5)
      rack
    rainbow (3.0.0)
    rake (12.3.2)
    rb-fsevent (0.10.3)
    rb-inotify (0.10.0)
      ffi (~> 1.0)
    rbvmomi (2.2.0)
      builder (~> 3.0)
      json (>= 1.8)
      nokogiri (~> 1.5)
      optimist (~> 3.0)
    rest-client (2.0.2)
      http-cookie (>= 1.0.2, < 2.0)
      mime-types (>= 1.16, < 4.0)
      netrc (~> 0.8)
    rjack-jetty (9.4.14.0-java)
    rjack-logback (1.9.0-java)
      rjack-slf4j (~> 1.7.16)
    rjack-slf4j (1.7.25.0-java)
    rspec (3.8.0)
      rspec-core (~> 3.8.0)
      rspec-expectations (~> 3.8.0)
      rspec-mocks (~> 3.8.0)
    rspec-core (3.8.2)
      rspec-support (~> 3.8.0)
    rspec-expectations (3.8.4)
      diff-lcs (>= 1.2.0, < 2.0)
      rspec-support (~> 3.8.0)
    rspec-mocks (3.8.1)
      diff-lcs (>= 1.2.0, < 2.0)
      rspec-support (~> 3.8.0)
    rspec-puppet (2.7.5)
      rspec
    rspec-support (3.8.2)
    rubocop (0.65.0)
      jaro_winkler (~> 1.5.1)
      parallel (~> 1.10)
      parser (>= 2.5, != 2.5.1.1)
      powerpack (~> 0.1)
      psych (>= 3.1.0)
      rainbow (>= 2.2.2, < 4.0)
      ruby-progressbar (~> 1.7)
      unicode-display_width (~> 1.4.0)
    ruby-progressbar (1.10.1)
    ruby_dep (1.5.0)
    sequel (5.5.0)
    shellany (0.0.1)
    sinatra (1.4.8)
      rack (~> 1.5)
      rack-protection (~> 1.4)
      tilt (>= 1.3, < 3)
    spoon (0.0.6)
      ffi
    thor (0.20.3)
    tilt (2.0.9)
    trollop (2.1.3)
    unf (0.1.4-java)
    unicode-display_width (1.4.1)
    unix-crypt (1.3.0)
    yard (0.9.20)

PLATFORMS
  java

DEPENDENCIES
  aescrypt (~> 1.0.0)
  concurrent-ruby
  dell-asm-util (0.1.0)
    aescrypt
    hashie
    i18n
    net-ssh
    nokogiri
    pry
    rest-client
    trollop
  coveralls
  dell-asm-util! (~> 0.1.0)
  fishwife
  guard-shell
  hashie (~> 3.5.7)
  i18n
  ipaddress (~> 0.8.3)
  jdbc-postgres (~> 42.1.4)
  jruby-openssl (~> 0.9.17)
  json_pure (= 2.0.1)
  kramdown
  listen (~> 3.1.5)
  logger-colors (~> 1.0.0)
  mocha
  net-scp
  net-ssh
  nokogiri
  pg (~> 1.0.0)
  puppet (~> 5)
  puppetlabs_spec_helper (~> 0.4.1)
  rainbow
  rake
  rbvmomi
  rest-client (~> 2.0.2)
  rjack-logback
  rspec
  rubocop (= 0.65.0)
  ruby-prof (~> 0.17.0)
  sequel (~> 5.5.0)
  sinatra (~> 1.4.5)
  trollop (~> 2.1.2)
  unicode-display_width
  unix-crypt (~> 1.3.0)
  yard

BUNDLED WITH
   2.0.1
